PATH
  remote: .
  specs:
    salesforce_chunker (0.0.1)

GEM
  remote: https://rubygems.org/
  specs:
    httparty (0.16.2)
      multi_xml (>= 0.5.2)
    minitest (5.11.3)
    multi_xml (0.6.0)
    rake (10.5.0)

PLATFORMS
  ruby

DEPENDENCIES
  bundler (~> 1.16)
  httparty (~> 0.16.2)
  minitest (~> 5.0)
  rake (~> 10.0)
  salesforce_chunker!

BUNDLED WITH
   1.16.1
